PATH
  remote: .
  specs:
    paste (0.3.1)
      activesupport (~> 3.0)
      sprockets

GEM
  remote: http://rubygems.org/
  specs:
    activesupport (3.0.3)
    configuration (1.2.0)
    diff-lcs (1.1.2)
    guard (0.2.2)
      open_gem (~> 1.4.2)
      thor (~> 0.14.3)
    guard-bundler (0.1.1)
      guard (>= 0.2.2)
    guard-rspec (0.1.8)
      guard (>= 0.2.0)
    launchy (0.3.7)
      configuration (>= 0.0.5)
      rake (>= 0.8.1)
    open_gem (1.4.2)
      launchy (~> 0.3.5)
    rake (0.8.7)
    rcov (0.9.9)
    rspec (2.1.0)
      rspec-core (~> 2.1.0)
      rspec-expectations (~> 2.1.0)
      rspec-mocks (~> 2.1.0)
    rspec-core (2.1.0)
    rspec-expectations (2.1.0)
      diff-lcs (~> 1.1.2)
    rspec-mocks (2.1.0)
    simplecov (0.3.7)
      simplecov-html (>= 0.3.7)
    simplecov-html (0.3.9)
    sprockets (1.0.2)
    thor (0.14.6)

PLATFORMS
  ruby

DEPENDENCIES
  activesupport (~> 3.0)
  guard-bundler
  guard-rspec
  paste!
  rake
  rcov
  rspec
  simplecov
  sprockets
