PATH
  remote: .
  specs:
    paste (0.2.1)
      activesupport (>= 3.0.0.beta4)
      closure-compiler
      sprockets

GEM
  remote: http://rubygems.org/
  specs:
    activesupport (3.0.0.rc)
    closure-compiler (0.3.2)
    diff-lcs (1.1.2)
    rake (0.8.7)
    rcov (0.9.8)
    rspec (2.0.0.beta.19)
      rspec-core (= 2.0.0.beta.19)
      rspec-expectations (= 2.0.0.beta.19)
      rspec-mocks (= 2.0.0.beta.19)
    rspec-core (2.0.0.beta.19)
    rspec-expectations (2.0.0.beta.19)
      diff-lcs (>= 1.1.2)
    rspec-mocks (2.0.0.beta.19)
    sprockets (1.0.2)

PLATFORMS
  ruby

DEPENDENCIES
  activesupport (>= 3.0.0.beta4)
  closure-compiler
  paste!
  rake
  rcov
  rspec (>= 2.0.0.beta.19)
  sprockets
