PATH
  remote: .
  specs:
    paste (0.1.1)
      activesupport (>= 3.0.0.beta4)
      paste
      sprockets

GEM
  remote: http://rubygems.org/
  specs:
    activesupport (3.0.0.rc)
    diff-lcs (1.1.2)
    gemcutter (0.6.1)
    git (1.2.5)
    jeweler (1.4.0)
      gemcutter (>= 0.1.0)
      git (>= 1.2.5)
      rubyforge (>= 2.0.0)
    json_pure (1.4.6)
    rake (0.8.7)
    rcov (0.9.8)
    rspec (2.0.0.beta.19)
      rspec-core (= 2.0.0.beta.19)
      rspec-expectations (= 2.0.0.beta.19)
      rspec-mocks (= 2.0.0.beta.19)
    rspec-core (2.0.0.beta.19)
    rspec-expectations (2.0.0.beta.19)
      diff-lcs (>= 1.1.2)
    rspec-mocks (2.0.0.beta.19)
    rubyforge (2.0.4)
      json_pure (>= 1.1.7)
    sprockets (1.0.2)

PLATFORMS
  ruby

DEPENDENCIES
  activesupport (>= 3.0.0.beta4)
  jeweler
  paste!
  rake
  rcov
  rspec (>= 2.0.0.beta.19)
  sprockets
