PATH
  remote: .
  specs:
    paste (0.0.1)
      activesupport (>= 3.0.0.beta4)
      haml
      sprockets

GEM
  remote: http://rubygems.org/
  specs:
    activesupport (3.0.0.rc)
    diff-lcs (1.1.2)
    haml (3.0.15)
    rspec (2.0.0.beta.19)
      rspec-core (= 2.0.0.beta.19)
      rspec-expectations (= 2.0.0.beta.19)
      rspec-mocks (= 2.0.0.beta.19)
    rspec-core (2.0.0.beta.19)
    rspec-expectations (2.0.0.beta.19)
      diff-lcs (>= 1.1.2)
    rspec-mocks (2.0.0.beta.19)
    sprockets (1.0.2)

PLATFORMS
  ruby

DEPENDENCIES
  haml
  paste!
  rspec (>= 2.0.0.beta.19)
  sprockets
