GIT
  remote: git://github.com/rspec/rspec-core.git
  revision: 0ddf3ce39c2bd8f6e3d2221b4b7dcc608125de0a
  specs:
    rspec-core (2.0.0.beta.22)

PATH
  remote: .
  specs:
    paste (0.3.0)
      activesupport (>= 3.0.0.beta4)
      sprockets

GEM
  remote: http://rubygems.org/
  specs:
    activesupport (3.0.0)
    diff-lcs (1.1.2)
    rake (0.8.7)
    rcov (0.9.9)
    rspec (2.0.0.beta.22)
      rspec-core (= 2.0.0.beta.22)
      rspec-expectations (= 2.0.0.beta.22)
      rspec-mocks (= 2.0.0.beta.22)
    rspec-expectations (2.0.0.beta.22)
      diff-lcs (>= 1.1.2)
    rspec-mocks (2.0.0.beta.22)
      rspec-core (= 2.0.0.beta.22)
      rspec-expectations (= 2.0.0.beta.22)
    sprockets (1.0.2)

PLATFORMS
  ruby

DEPENDENCIES
  activesupport (>= 3.0.0.beta4)
  paste!
  rake
  rcov
  rspec (>= 2.0.0.beta.19)
  rspec-core!
  sprockets
