PATH
  remote: .
  specs:
    paste (0.3.1)
      activesupport (~> 3.0)
      sprockets

GEM
  remote: http://rubygems.org/
  specs:
    activesupport (3.0.1)
    diff-lcs (1.1.2)
    rake (0.8.7)
    rcov (0.9.9)
    rspec (2.1.0)
      rspec-core (~> 2.1.0)
      rspec-expectations (~> 2.1.0)
      rspec-mocks (~> 2.1.0)
    rspec-core (2.1.0)
    rspec-expectations (2.1.0)
      diff-lcs (~> 1.1.2)
    rspec-mocks (2.1.0)
    simplecov (0.3.7)
      simplecov-html (>= 0.3.7)
    simplecov-html (0.3.9)
    sprockets (1.0.2)

PLATFORMS
  ruby

DEPENDENCIES
  activesupport (~> 3.0)
  paste!
  rake
  rcov
  rspec
  simplecov
  sprockets
